GEM
  remote: https://rubygems.org/
  specs:
    jruby-jars (9.1.8.0)
    jruby-rack (1.1.20)
    multipart-post (2.0.0)
    rake (12.0.0)
    rubyzip (1.2.1)
    warbler (2.0.4)
      jruby-jars (>= 9.0.0.0)
      jruby-rack (>= 1.1.1, < 1.3)
      rake (>= 10.1.0)
      rubyzip (~> 1.0, < 1.4)

PLATFORMS
  java
  ruby
  x64-mingw32

DEPENDENCIES
  multipart-post
  warbler

BUNDLED WITH
   1.14.6
