GEM
  remote: https://rubygems.org/
  specs:
    gserver (0.0.1)
    net-http-server (0.2.2)
      parslet (~> 1.0)
    parslet (1.8.0)

PLATFORMS
  ruby
  x64-mingw32

DEPENDENCIES
  gserver
  net-http-server

BUNDLED WITH
   1.14.6
